GEM
  remote: https://rubygems.org/
  remote: https://BnrJb6FZyzspBboNJzYZ@gem.fury.io/govuk/
  specs:
    activesupport (3.2.12)
      i18n (~> 0.6)
      multi_json (~> 1.0)
    addressable (2.3.3)
    aws-ses (0.4.4)
      builder
      mail (> 2.2.5)
      mime-types
      xml-simple
    builder (3.1.3)
    ci_reporter (1.7.1)
      builder (>= 2.1.2)
    crack (0.3.2)
    i18n (0.6.0)
    little-plugger (1.1.3)
    logging (1.8.1)
      little-plugger (>= 1.1.3)
      multi_json (>= 1.3.6)
    mail (2.4.4)
      i18n (>= 0.4.0)
      mime-types (~> 1.16)
      treetop (~> 1.4.8)
    metaclass (0.0.1)
    mime-types (1.19)
    minitest (4.6.1)
    mocha (0.13.2)
      metaclass (~> 0.0.1)
    multi_json (1.3.6)
    polyglot (0.3.3)
    puma (1.6.3-java)
      rack (~> 1.2)
    rack (1.5.2)
    rack-protection (1.5.0)
      rack
    rack-test (0.6.1)
      rack (>= 1.0)
    rake (0.9.2)
    rest-client (1.6.7)
      mime-types (>= 1.16)
    simplecov (0.7.1)
      multi_json (~> 1.0)
      simplecov-html (~> 0.7.1)
    simplecov-html (0.7.1)
    simplecov-rcov (0.2.3)
      simplecov (>= 0.4.1)
    sinatra (1.4.2)
      rack (~> 1.5, >= 1.5.2)
      rack-protection (~> 1.4)
      tilt (~> 1.3, >= 1.3.4)
    statsd-ruby (1.0.0)
    tilt (1.3.7)
    treetop (1.4.10)
      polyglot
      polyglot (>= 0.3.1)
    webmock (1.9.3)
      addressable (>= 2.2.7)
      crack (>= 0.3.2)
    xml-simple (1.1.1)

PLATFORMS
  java
  ruby

DEPENDENCIES
  activesupport (= 3.2.12)
  aws-ses (= 0.4.4)
  ci_reporter (= 1.7.1)
  logging (= 1.8.1)
  minitest (= 4.6.1)
  mocha
  multi_json (= 1.3.6)
  puma (= 1.6.3)
  rack (= 1.5.2)
  rack-test
  rake (= 0.9.2)
  rest-client (= 1.6.7)
  simplecov
  simplecov-rcov
  sinatra (= 1.4.2)
  statsd-ruby (= 1.0.0)
  webmock (= 1.9.3)
