GEM
  remote: https://rubygems.org/
  remote: https://BnrJb6FZyzspBboNJzYZ@gem.fury.io/govuk/
  specs:
    activesupport (3.2.12)
      i18n (~> 0.6)
      multi_json (~> 1.0)
    addressable (2.3.3)
    aws-ses (0.4.4)
      builder
      mail (> 2.2.5)
      mime-types
      xml-simple
    builder (3.1.3)
    chronic (0.9.1)
    ci_reporter (1.7.1)
      builder (>= 2.1.2)
    crack (0.3.2)
    daemons (1.1.9)
    eventmachine (1.0.0)
    i18n (0.6.0)
    json (1.7.7)
    kgio (2.7.4)
    little-plugger (1.1.3)
    logging (1.8.1)
      little-plugger (>= 1.1.3)
      multi_json (>= 1.3.6)
    mail (2.4.4)
      i18n (>= 0.4.0)
      mime-types (~> 1.16)
      treetop (~> 1.4.8)
    metaclass (0.0.1)
    mime-types (1.19)
    minitest (4.6.1)
    mocha (0.13.2)
      metaclass (~> 0.0.1)
    multi_json (1.3.6)
    nokogiri (1.5.5)
    polyglot (0.3.3)
    rack (1.5.2)
    rack-protection (1.3.2)
      rack
    rack-test (0.6.1)
      rack (>= 1.0)
    raindrops (0.10.0)
    rake (0.9.2)
    rest-client (1.6.7)
      mime-types (>= 1.16)
    shotgun (0.9)
      rack (>= 1.0)
    shoulda-context (1.1.1)
    simplecov (0.7.1)
      multi_json (~> 1.0)
      simplecov-html (~> 0.7.1)
    simplecov-html (0.7.1)
    simplecov-rcov (0.2.3)
      simplecov (>= 0.4.1)
    sinatra (1.3.4)
      rack (~> 1.4)
      rack-protection (~> 1.3)
      tilt (~> 1.3, >= 1.3.3)
    statsd-ruby (1.0.0)
    thin (1.5.0)
      daemons (>= 1.0.9)
      eventmachine (>= 0.12.6)
      rack (>= 1.0.0)
    tilt (1.3.3)
    treetop (1.4.10)
      polyglot
      polyglot (>= 0.3.1)
    unicorn (4.3.1)
      kgio (~> 2.6)
      rack
      raindrops (~> 0.7)
    webmock (1.9.3)
      addressable (>= 2.2.7)
      crack (>= 0.3.2)
    whenever (0.8.2)
      activesupport (>= 2.3.4)
      chronic (>= 0.6.3)
    xml-simple (1.1.1)
    yajl-ruby (1.1.0)

PLATFORMS
  ruby

DEPENDENCIES
  activesupport (= 3.2.12)
  aws-ses (= 0.4.4)
  ci_reporter (= 1.7.1)
  json (= 1.7.7)
  logging (= 1.8.1)
  minitest (= 4.6.1)
  mocha
  multi_json (= 1.3.6)
  nokogiri (= 1.5.5)
  rack (= 1.5.2)
  rack-test
  rake (= 0.9.2)
  rest-client (= 1.6.7)
  shotgun
  shoulda-context
  simplecov
  simplecov-rcov
  sinatra (= 1.3.4)
  statsd-ruby (= 1.0.0)
  thin
  unicorn (= 4.3.1)
  webmock (= 1.9.3)
  whenever
  yajl-ruby (= 1.1.0)
